GEM
  remote: https://rubygems.org/
  specs:
    coderay (1.1.3)
    connection_pool (2.4.1)
    curses (1.4.4)
    docker-api (2.2.0)
      excon (>= 0.47.0)
      multi_json
    excon (0.100.0)
    forwardable (1.3.3)
    method_source (1.0.0)
    multi_json (1.15.0)
    pry (0.14.2)
      coderay (~> 1.1)
      method_source (~> 1.0)
    redis (5.0.6)
      redis-client (>= 0.9.0)
    redis-client (0.14.1)
      connection_pool

PLATFORMS
  x86_64-linux

DEPENDENCIES
  curses
  docker-api
  forwardable
  pry
  redis

BUNDLED WITH
   2.4.10
